GEM
  remote: https://rubygems.org/
  specs:
    ffi (1.17.2-aarch64-linux-gnu)
    listen (3.9.0)
      rb-fsevent (~> 0.10, >= 0.10.3)
      rb-inotify (~> 0.9, >= 0.9.10)
    rb-fsevent (0.11.2)
    rb-inotify (0.11.1)
      ffi (~> 1.0)
    rerun (0.14.0)
      listen (~> 3.0)

PLATFORMS
  aarch64-linux-gnu

DEPENDENCIES
  rerun

RUBY VERSION
   ruby 3.4.4p34

BUNDLED WITH
   2.6.7
